PATH
  remote: .
  specs:
    conecta_address_br (0.1.8)

GEM
  remote: https://rubygems.org/
  specs:
    rake (12.3.3)

PLATFORMS
  ruby

DEPENDENCIES
  bundler (~> 2.0)
  conecta_address_br!
  rake (~> 12.3)

BUNDLED WITH
   2.0.2
