PATH
  remote: .
  specs:
    conecta_address_br (0.1.0)

GEM
  remote: https://rubygems.org/
  specs:
    rake (10.5.0)

PLATFORMS
  ruby

DEPENDENCIES
  bundler (~> 2.0)
  conecta_address_br!
  rake (~> 10.0)

BUNDLED WITH
   2.0.2
